PATH
  remote: .
  specs:
    chitti (1.0)
      activesupport
      grpc
      logger
      statsd-instrument
      stoplight

GEM
  remote: https://rubygems.org/
  specs:
    activesupport (5.2.1)
      concurrent-ruby (~> 1.0, >= 1.0.2)
      i18n (>= 0.7, < 2)
      minitest (~> 5.1)
      tzinfo (~> 1.1)
    ast (2.4.0)
    astrolabe (1.3.1)
      parser (~> 2.2)
    concurrent-ruby (1.0.5)
    google-protobuf (3.6.1-universal-darwin)
    googleapis-common-protos-types (1.0.2)
      google-protobuf (~> 3.0)
    grpc (1.15.0-universal-darwin)
      google-protobuf (~> 3.1)
      googleapis-common-protos-types (~> 1.0.0)
    i18n (1.1.0)
      concurrent-ruby (~> 1.0)
    logger (1.2.8)
    minitest (5.11.3)
    parser (2.5.1.2)
      ast (~> 2.4.0)
    powerpack (0.1.2)
    rainbow (2.2.2)
      rake
    rake (10.5.0)
    rubocop (0.35.1)
      astrolabe (~> 1.3)
      parser (>= 2.2.3.0, < 3.0)
      powerpack (~> 0.1)
      rainbow (>= 1.99.1, < 3.0)
      ruby-progressbar (~> 1.7)
      tins (<= 1.6.0)
    ruby-progressbar (1.10.0)
    statsd-instrument (2.3.0)
    stoplight (2.1.3)
    thread_safe (0.3.6)
    tins (1.6.0)
    tzinfo (1.2.5)
      thread_safe (~> 0.1)

PLATFORMS
  ruby

DEPENDENCIES
  bundler (~> 1.12)
  chitti!
  rake (~> 10.0)
  rubocop (<= 0.35.1)

BUNDLED WITH
   1.16.3
